GEM
  specs:
    coderay (1.1.0)
    docile (1.1.5)
    method_source (0.8.2)
    minitest (5.5.1)
    multi_json (1.11.0)
    pry (0.10.1)
      coderay (~> 1.1.0)
      method_source (~> 0.8.1)
      slop (~> 3.4)
    rake (10.4.2)
    simplecov (0.9.2)
      docile (~> 1.1.0)
      multi_json (~> 1.0)
      simplecov-html (~> 0.9.0)
    simplecov-html (0.9.0)
    slop (3.6.0)

PLATFORMS
  ruby

DEPENDENCIES
  minitest
  pry
  rake
  simplecov
